GEM
  remote: https://rubygems.org/
  specs:
    foreman (0.84.0)
      thor (~> 0.19.1)
    rake (12.0.0)
    sass (3.4.25)
    scss_lint (0.54.0)
      rake (>= 0.9, < 13)
      sass (~> 3.4.20)
    thor (0.19.4)

PLATFORMS
  ruby

DEPENDENCIES
  foreman
  scss_lint

BUNDLED WITH
   1.15.4
